GEM
  remote: https://rubygems.org/
  specs:
    xml-simple (1.1.5)
    zaru (0.2.0)

PLATFORMS
  ruby

DEPENDENCIES
  xml-simple
  zaru

RUBY VERSION
   ruby 2.4.2p198

BUNDLED WITH
   1.16.0
